GEM
  remote: https://rubygems.org/
  specs:
    coderay (1.0.9)
    ffi (1.4.0)
    ffi-rzmq (1.0.0)
      ffi
    method_source (0.8.1)
    pry (0.9.12)
      coderay (~> 1.0.5)
      method_source (~> 0.8)
      slop (~> 3.4)
    slop (3.4.4)
    yard (0.9.20)

PLATFORMS
  ruby

DEPENDENCIES
  ffi-rzmq
  pry
  yard
